GEM
  remote: http://rubygems.org/
  specs:
    clamp (0.4.0)
    fattr (2.2.1)
    highline (1.6.13)
    options (2.3.0)
      fattr
    progress_bar (0.4.0)
      highline (~> 1.6.1)
      options (~> 2.3.0)

PLATFORMS
  ruby

DEPENDENCIES
  clamp
  progress_bar
